PATH
  remote: .
  specs:
    sixarm_ruby_unaccent (1.1.1)

GEM
  remote: https://rubygems.org/
  specs:
    coveralls (0.8.21)
      json (>= 1.8, < 3)
      simplecov (~> 0.14.1)
      term-ansicolor (~> 1.3)
      thor (~> 0.19.4)
      tins (~> 1.6)
    docile (1.1.5)
<<<<<<< HEAD
    domain_name (0.5.24)
      unf (>= 0.0.5, < 1.0.0)
    http-cookie (1.0.2)
      domain_name (~> 0.5)
    json (1.8.3)
    mime-types (2.6.1)
    minitest (5.7.0)
    netrc (0.10.3)
    rake (10.5.0)
    rest-client (1.8.0)
      http-cookie (>= 1.0.2, < 2.0)
      mime-types (>= 1.16, < 3.0)
      netrc (~> 0.7)
    simplecov (0.10.0)
=======
    json (2.1.0)
    minitest (5.10.2)
    rake (10.5.0)
    simplecov (0.14.1)
>>>>>>> upstream/master
      docile (~> 1.1.0)
      json (>= 1.8, < 3)
      simplecov-html (~> 0.10.0)
    simplecov-html (0.10.1)
    term-ansicolor (1.6.0)
      tins (~> 1.0)
    thor (0.19.4)
    tins (1.14.0)

PLATFORMS
  ruby

DEPENDENCIES
  coveralls (>= 0.8.2, < 2)
  minitest (>= 5.7.0, < 6)
  rake (> 10.4.2, < 11)
  simplecov (>= 0.10.0, < 2)
  sixarm_ruby_unaccent!

BUNDLED WITH
   1.15.1
